GEM
  specs:
    chunky_png (1.3.5)

PLATFORMS
  ruby

DEPENDENCIES
  chunky_png

RUBY VERSION
   ruby 2.3.0p0

BUNDLED WITH
   1.12.3
